GIT
  remote: https://github.com/ezii123/ruby-irc.git
  revision: b40496d72d8fa8590375a85c5684deb45c3fcd70
  specs:
    zircon (0.0.8)

GEM
  remote: https://rubygems.org/
  specs:
    colorize (0.8.1)
    mustermann (2.0.2)
      ruby2_keywords (~> 0.0.1)
    rack (2.2.4)
    rack-protection (2.2.3)
      rack
    ruby2_keywords (0.0.5)
    sinatra (2.2.3)
      mustermann (~> 2.0)
      rack (~> 2.2)
      rack-protection (= 2.2.3)
      tilt (~> 2.0)
    tilt (2.0.11)

PLATFORMS
  ruby

DEPENDENCIES
  colorize
  rack
  sinatra
  zircon!

BUNDLED WITH
   2.0.2
