GEM
  remote: https://rubygems.org/
  specs:
    activesupport (6.0.0)
      concurrent-ruby (~> 1.0, >= 1.0.2)
      i18n (>= 0.7, < 2)
      minitest (~> 5.1)
      tzinfo (~> 1.1)
      zeitwerk (~> 2.1, >= 2.1.8)
    brainz (0.2.0)
    byebug (11.0.1)
    colorize (0.8.1)
    concurrent-ruby (1.1.5)
    eezee_regexes (0.1.5)
    facets (3.1.0)
    faraday (0.17.0)
      multipart-post (>= 1.2, < 3)
    gnuplot (2.6.2)
    gyazo (3.0.1)
      faraday
      mime-types
      multipart-post
    i18n (1.7.0)
      concurrent-ruby (~> 1.0)
    json2table (1.0.7)
    mathn (0.1.0)
    mime-types (3.3)
      mime-types-data (~> 3.2015)
    mime-types-data (3.2019.1009)
    mini_portile2 (2.8.0)
    minitest (5.12.2)
    multipart-post (2.1.1)
    mustermann (1.0.3)
    nokogiri (1.13.5)
      mini_portile2 (~> 2.8.0)
      racc (~> 1.4)
    open4 (1.3.4)
    phantomjs (2.1.1.0)
    polynomials (0.4.4)
      activesupport
      i18n
    racc (1.6.0)
    rack (2.0.7)
    rack-protection (2.0.7)
      rack
    rake (13.0.0)
    screencap (0.1.4)
      phantomjs
    sinatra (2.0.7)
      mustermann (~> 1.0)
      rack (~> 2.0)
      rack-protection (= 2.0.7)
      tilt (~> 2.0)
    thread_safe (0.3.6)
    tilt (2.0.10)
    tzinfo (1.2.5)
      thread_safe (~> 0.1)
    wit (6.0.0)
    zeitwerk (2.2.0)
    zircon (0.0.8)

PLATFORMS
  ruby

DEPENDENCIES
  activesupport
  brainz
  bundler
  byebug
  colorize
  eezee_regexes
  facets
  gnuplot
  gyazo
  json2table
  mathn
  nokogiri
  open4
  polynomials
  rack
  rake
  screencap
  sinatra
  wit
  zircon

BUNDLED WITH
   2.0.2
