GEM
  remote: https://rubygems.org/
  specs:
    activesupport (7.0.4)
      concurrent-ruby (~> 1.0, >= 1.0.2)
      i18n (>= 1.6, < 2)
      minitest (>= 5.1)
      tzinfo (~> 2.0)
    brainz (0.2.0)
    byebug (11.1.3)
    colorize (0.8.1)
    concurrent-ruby (1.1.5)
    eezee_regexes (0.1.5)
    facets (3.1.0)
    faraday (1.10.2)
      faraday-em_http (~> 1.0)
      faraday-em_synchrony (~> 1.0)
      faraday-excon (~> 1.1)
      faraday-httpclient (~> 1.0)
      faraday-multipart (~> 1.0)
      faraday-net_http (~> 1.0)
      faraday-net_http_persistent (~> 1.0)
      faraday-patron (~> 1.0)
      faraday-rack (~> 1.0)
      faraday-retry (~> 1.0)
      ruby2_keywords (>= 0.0.4)
    faraday-em_http (1.0.0)
    faraday-em_synchrony (1.0.0)
    faraday-excon (1.1.0)
    faraday-httpclient (1.0.1)
    faraday-multipart (1.0.4)
      multipart-post (~> 2)
    faraday-net_http (1.0.1)
    faraday-net_http_persistent (1.2.0)
    faraday-patron (1.0.0)
    faraday-rack (1.0.0)
    faraday-retry (1.0.3)
    gnuplot (2.6.2)
    gyazo (3.1.1)
      faraday (< 2.0.0)
      mime-types
      multipart-post
    i18n (1.7.0)
      concurrent-ruby (~> 1.0)
    json2table (1.0.7)
    mathn (0.1.0)
    mime-types (3.4.1)
      mime-types-data (~> 3.2015)
    mime-types-data (3.2019.1009)
    mini_portile2 (2.8.0)
    minitest (5.16.3)
    multipart-post (2.1.1)
    mustermann (1.0.3)
    nokogiri (1.13.9)
      mini_portile2 (~> 2.8.0)
      racc (~> 1.4)
    open4 (1.3.4)
    phantomjs (2.1.1.0)
    polynomials (0.4.4)
      activesupport
      i18n
    racc (1.6.0)
    rack (2.2.4)
    rack-protection (2.2.1)
      rack
    rake (13.0.0)
    ruby2_keywords (0.0.5)
    screencap (0.1.4)
      phantomjs
    sinatra (2.2.1)
      mustermann (~> 1.0)
      rack (~> 2.2)
      rack-protection (= 2.2.1)
      tilt (~> 2.0)
    tilt (2.0.10)
    tzinfo (2.0.5)
      concurrent-ruby (~> 1.0)
    wit (7.0.1)
    zircon (0.0.8)

PLATFORMS
  ruby

DEPENDENCIES
  activesupport
  brainz
  bundler
  byebug
  colorize
  eezee_regexes
  facets
  gnuplot
  gyazo
  json2table
  mathn
  nokogiri
  open4
  polynomials
  rack
  rake
  screencap
  sinatra
  wit
  zircon

BUNDLED WITH
   2.0.2
